GEM
  remote: https://rubygems.org/
  specs:
    builder (3.2.3)
    diff-lcs (1.3)
    docker-api (1.33.5)
      excon (>= 0.38.0)
      json
    excon (0.57.0)
    faraday (0.15.4)
      multipart-post (>= 1.2, < 3)
    json (2.1.0)
    multi_json (1.12.1)
    multipart-post (2.0.0)
    net-scp (1.2.1)
      net-ssh (>= 2.6.5)
    net-ssh (2.7.0)
    net-telnet (0.1.1)
    rake (12.0.0)
    rspec (3.6.0)
      rspec-core (~> 3.6.0)
      rspec-expectations (~> 3.6.0)
      rspec-mocks (~> 3.6.0)
    rspec-core (3.6.0)
      rspec-support (~> 3.6.0)
    rspec-expectations (3.6.0)
      diff-lcs (>= 1.2.0, < 2.0)
      rspec-support (~> 3.6.0)
    rspec-its (1.2.0)
      rspec-core (>= 3.0.0)
      rspec-expectations (>= 3.0.0)
    rspec-mocks (3.6.0)
      diff-lcs (>= 1.2.0, < 2.0)
      rspec-support (~> 3.6.0)
    rspec-support (3.6.0)
    rspec_junit_formatter (0.2.3)
      builder (< 4)
      rspec-core (>= 2, < 4, != 2.12.0)
    serverspec (2.39.1)
      multi_json
      rspec (~> 3.0)
      rspec-its
      specinfra (~> 2.68)
    serverspec-extended-types (0.1.1)
      faraday
      rspec (>= 3.0)
      serverspec (~> 2)
      specinfra (~> 2)
    sfl (2.3)
    specinfra (2.68.0)
      net-scp
      net-ssh (>= 2.7, < 5.0)
      net-telnet
      sfl

PLATFORMS
  ruby

DEPENDENCIES
  docker-api
  net-ssh (= 2.7)
  rake
  rspec_junit_formatter
  serverspec
  serverspec-extended-types

BUNDLED WITH
   1.17.2
